GEM
  remote: https://rubygems.org/
  specs:
    bson (1.9.2)
    bson_ext (1.9.2)
      bson (~> 1.9.2)
    htmlentities (4.3.1)
    json (1.8.1)
    mongo (1.9.2)
      bson (~> 1.9.2)

PLATFORMS
  ruby

DEPENDENCIES
  bson_ext
  htmlentities
  json
  mongo
